GEM
  remote: https://rubygems.org/
  specs:
    coderay (1.1.0)
    json (1.8.6)
    method_source (0.8.2)
    open-weather (0.12.0)
      json (~> 1)
    openweather2 (0.1.8)
      json
    pry (0.10.1)
      coderay (~> 1.1.0)
      method_source (~> 0.8.1)
      slop (~> 3.4)
    rack (1.5.2)
    rack-protection (1.5.3)
      rack
    shotgun (0.9)
      rack (>= 1.0)
    sinatra (1.4.5)
      rack (~> 1.4)
      rack-protection (~> 1.4)
      tilt (~> 1.3, >= 1.3.4)
    slop (3.6.0)
    tilt (1.4.1)

PLATFORMS
  ruby

DEPENDENCIES
  open-weather
  openweather2
  pry
  shotgun
  sinatra

BUNDLED WITH
   1.14.4
